PATH
  remote: .
  specs:
    test_openid_connect (0.1.6)

GEM
  remote: https://rubygems.org/
  specs:
    rake (13.0.6)

PLATFORMS
  x86_64-linux

DEPENDENCIES
  rake (~> 13.0)
  test_openid_connect!

BUNDLED WITH
   2.2.20
